GEM
  remote: https://rubygems.org/
  specs:
    ast (2.4.2)
    diff-lcs (1.6.0)
    mutant (0.12.2)
      diff-lcs (~> 1.3)
      parser (~> 3.3.0)
      regexp_parser (~> 2.9.0)
      sorbet-runtime (~> 0.5.0)
      unparser (~> 0.6.9)
    mutant-rspec (0.12.2)
      mutant (= 0.12.2)
      rspec-core (>= 3.8.0, < 4.0.0)
    parser (3.3.7.1)
      ast (~> 2.4.1)
      racc
    racc (1.8.1)
    regexp_parser (2.9.3)
    rspec (3.13.0)
      rspec-core (~> 3.13.0)
      rspec-expectations (~> 3.13.0)
      rspec-mocks (~> 3.13.0)
    rspec-core (3.13.3)
      rspec-support (~> 3.13.0)
    rspec-expectations (3.13.3)
      diff-lcs (>= 1.2.0, < 2.0)
      rspec-support (~> 3.13.0)
    rspec-mocks (3.13.2)
      diff-lcs (>= 1.2.0, < 2.0)
      rspec-support (~> 3.13.0)
    rspec-support (3.13.2)
    sorbet-runtime (0.5.11865)
    unparser (0.6.13)
      diff-lcs (~> 1.3)
      parser (>= 3.3.0)

PLATFORMS
  ruby
  x86_64-linux

DEPENDENCIES
  mutant
  mutant-rspec
  rspec

BUNDLED WITH
   2.5.23
